PATH
  remote: .
  specs:
    ruby-stream-api (0.1.0)

GEM
  remote: https://rubygems.org/
  specs:
    coveralls (0.7.2)
      multi_json (~> 1.3)
      rest-client (= 1.6.7)
      simplecov (>= 0.7)
      term-ansicolor (= 1.2.2)
      thor (= 0.18.1)
    docile (1.3.2)
    mime-types (3.3.1)
      mime-types-data (~> 3.2015)
    mime-types-data (3.2020.0425)
    minitest (5.14.0)
    multi_json (1.14.1)
    rake (12.3.3)
    rest-client (1.6.7)
      mime-types (>= 1.16)
    simplecov (0.18.5)
      docile (~> 1.1)
      simplecov-html (~> 0.11)
    simplecov-html (0.12.2)
    term-ansicolor (1.2.2)
      tins (~> 0.8)
    thor (0.18.1)
    tins (0.13.2)

PLATFORMS
  ruby

DEPENDENCIES
  coveralls
  minitest (~> 5.0)
  rake (~> 12.3.3)
  ruby-stream-api!
  simplecov

BUNDLED WITH
   2.1.4
