PATH
  remote: .
  specs:
    stream-stream-api (0.1.0)

GEM
  remote: https://rubygems.org/
  specs:
    minitest (5.14.0)
    rake (12.3.1)

PLATFORMS
  ruby

DEPENDENCIES
  minitest (~> 5.0)
  rake (~> 12.0)
  stream-stream-api!

BUNDLED WITH
   2.1.4
