PATH
  remote: .
  specs:
    ruby-stream-api (0.0.1)

GEM
  remote: https://rubygems.org/
  specs:
    codecov (0.1.14)
      json
      simplecov
      url
    docile (1.3.2)
    json (2.3.0)
    minitest (5.14.0)
    rake (12.3.3)
    simplecov (0.18.5)
      docile (~> 1.1)
      simplecov-html (~> 0.11)
    simplecov-html (0.12.2)
    url (0.3.2)

PLATFORMS
  ruby

DEPENDENCIES
  codecov
  minitest (~> 5.0)
  rake (~> 12.3.3)
  ruby-stream-api!
  simplecov

BUNDLED WITH
   2.1.4
